GEM
  remote: https://rubygems.org/
  specs:
    addressable (2.5.0)
      public_suffix (~> 2.0, >= 2.0.2)
    ansi (1.5.0)
    ast (2.3.0)
    concurrent-ruby (1.0.4)
    css_parser (1.4.7)
      addressable
    diff-lcs (1.3)
    domain_name (0.5.20161129)
      unf (>= 0.0.5, < 1.0.0)
    dotenv (2.1.2)
    htmlentities (4.3.4)
    http-cookie (1.0.3)
      domain_name (~> 0.5)
    mail (2.6.4)
      mime-types (>= 1.16, < 4)
    mime-types (3.1)
      mime-types-data (~> 3.2015)
    mime-types-data (3.2016.0521)
    netrc (0.11.0)
    oga (2.8)
      ast
      ruby-ll (~> 2.1)
    pakyow (0.11.3)
      bundler (~> 1.10)
      pakyow-core (= 0.11.3)
      pakyow-mailer (= 0.11.3)
      pakyow-presenter (= 0.11.3)
      pakyow-rake (= 0.11.3)
      pakyow-realtime (= 0.11.3)
      pakyow-support (= 0.11.3)
      pakyow-test (= 0.11.3)
      pakyow-ui (= 0.11.3)
      thor (~> 0.19)
    pakyow-core (0.11.3)
      pakyow-support (= 0.11.3)
      rack (~> 1.6)
    pakyow-mailer (0.11.3)
      mail (~> 2.6)
      pakyow-core (= 0.11.3)
      pakyow-presenter (= 0.11.3)
      pakyow-support (= 0.11.3)
      premailer (~> 1.8)
    pakyow-presenter (0.11.3)
      oga (~> 2.0)
      pakyow-core (= 0.11.3)
      pakyow-support (= 0.11.3)
    pakyow-rake (0.11.3)
      pakyow-core (= 0.11.3)
      pakyow-presenter (= 0.11.3)
      pakyow-support (= 0.11.3)
      rake (~> 11.1)
    pakyow-realtime (0.11.3)
      concurrent-ruby (~> 1.0)
      pakyow-core (= 0.11.3)
      pakyow-support (= 0.11.3)
      redis (~> 3.2)
      websocket (~> 1.2)
    pakyow-support (0.11.3)
    pakyow-test (0.11.3)
      pakyow-core (= 0.11.3)
      pakyow-mailer (= 0.11.3)
      pakyow-presenter (= 0.11.3)
      pakyow-support (= 0.11.3)
    pakyow-ui (0.11.3)
      pakyow-core (= 0.11.3)
      pakyow-presenter (= 0.11.3)
      pakyow-realtime (= 0.11.3)
      pakyow-support (= 0.11.3)
    premailer (1.9.1)
      css_parser (>= 1.4.5)
      htmlentities (>= 4.0.0)
    public_suffix (2.0.5)
    puma (3.6.2)
    rack (1.6.5)
    rake (11.3.0)
    redis (3.3.3)
    rest-client (2.0.0)
      http-cookie (>= 1.0.2, < 2.0)
      mime-types (>= 1.16, < 4.0)
      netrc (~> 0.8)
    rspec (3.5.0)
      rspec-core (~> 3.5.0)
      rspec-expectations (~> 3.5.0)
      rspec-mocks (~> 3.5.0)
    rspec-core (3.5.4)
      rspec-support (~> 3.5.0)
    rspec-expectations (3.5.0)
      diff-lcs (>= 1.2.0, < 2.0)
      rspec-support (~> 3.5.0)
    rspec-mocks (3.5.0)
      diff-lcs (>= 1.2.0, < 2.0)
      rspec-support (~> 3.5.0)
    rspec-support (3.5.0)
    ruby-ll (2.1.2)
      ansi
      ast
    stripe (1.58.0)
      rest-client (>= 1.4, < 4.0)
    thor (0.19.4)
    unf (0.1.4)
      unf_ext
    unf_ext (0.0.7.2)
    websocket (1.2.3)

PLATFORMS
  ruby

DEPENDENCIES
  dotenv
  pakyow (~> 0.11.3)
  puma
  rspec
  stripe
  thin

BUNDLED WITH
   1.12.5
